GEM
  remote: https://rubygems.org/
  specs:
    gepub (1.0.4)
      nokogiri (>= 1.8.2, < 1.11)
      rubyzip (>= 1.1.1)
    mini_portile2 (2.4.0)
    nokogiri (1.10.10)
      mini_portile2 (~> 2.4.0)
    rubyzip (1.2.4)

PLATFORMS
  ruby

DEPENDENCIES
  gepub

BUNDLED WITH
   2.0.2
